GEM
  remote: https://rubygems.org/
  specs:
    dotenv (3.1.8)
    json (2.15.1)
    net-ssh (7.3.0)

PLATFORMS
  ruby
  x86_64-linux

DEPENDENCIES
  dotenv (~> 3.1)
  json (~> 2.7)
  net-ssh (~> 7.2)

RUBY VERSION
   ruby 3.3.1p55

BUNDLED WITH
   2.7.2
